GIT
  remote: git://github.com/sinatra/sinatra.git
  revision: b7dbfc4cfa1ad7236b2d5160ac4d6e3e0b45822d
  specs:
    sinatra (2.0.0.pre.alpha)
      mustermann (~> 0.4)
      rack (= 2.0.0.rc1)
      rack-protection (~> 1.5)
      tilt (~> 2.0)

GEM
  remote: https://rubygems.org/
  specs:
    directory_listing (0.6.4)
      filesize (>= 0.0.2)
      sinatra (>= 1.4.5)
      truncate (>= 0.0.4)
    filesize (0.1.1)
    json (1.8.3)
    mina (0.3.8)
      open4 (~> 1.3.4)
      rake
    mustermann (0.4.0)
      tool (~> 0.2)
    open4 (1.3.4)
    rack (2.0.0.rc1)
      json
    rack-protection (1.5.3)
      rack
    rake (11.1.2)
    tilt (2.0.3)
    tool (0.2.3)
    truncate (0.1.0)

PLATFORMS
  ruby

DEPENDENCIES
  directory_listing
  mina
  sinatra!

BUNDLED WITH
   1.12.3
